GEM
  remote: https://rubygems.org/
  specs:
    pkg-config (1.3.1)

PLATFORMS
  ruby

DEPENDENCIES
  pkg-config

BUNDLED WITH
   1.16.1
